GEM
  remote: https://rubygems.org/
  specs:
    activemodel (6.0.3.1)
      activesupport (= 6.0.3.1)
    activesupport (6.0.3.1)
      concurrent-ruby (~> 1.0, >= 1.0.2)
      i18n (>= 0.7, < 2)
      minitest (~> 5.1)
      tzinfo (~> 1.1)
      zeitwerk (~> 2.2, >= 2.2.2)
    backports (3.15.0)
    bson (4.5.0)
    bson_ext (1.5.1)
    byebug (11.0.1)
    concurrent-ruby (1.1.6)
    graphql (1.9.16)
    graphql-batch (0.4.1)
      graphql (>= 1.3, < 2)
      promise.rb (~> 0.7.2)
    i18n (1.8.2)
      concurrent-ruby (~> 1.0)
    minitest (5.14.1)
    mongo (2.10.2)
      bson (>= 4.4.2, < 5.0.0)
    mongoid (7.0.5)
      activemodel (>= 5.1, < 6.1)
      mongo (>= 2.5.1, < 3.0.0)
    multi_json (1.13.1)
    mustermann (1.0.3)
    promise.rb (0.7.4)
    rack (2.0.7)
    rack-contrib (2.1.0)
      rack (~> 2.0)
    rack-protection (2.0.7)
      rack
    sinatra (2.0.7)
      mustermann (~> 1.0)
      rack (~> 2.0)
      rack-protection (= 2.0.7)
      tilt (~> 2.0)
    sinatra-contrib (2.0.7)
      backports (>= 2.8.2)
      multi_json
      mustermann (~> 1.0)
      rack-protection (= 2.0.7)
      sinatra (= 2.0.7)
      tilt (~> 2.0)
    thread_safe (0.3.6)
    tilt (2.0.10)
    tzinfo (1.2.7)
      thread_safe (~> 0.1)
    zeitwerk (2.3.0)

PLATFORMS
  ruby

DEPENDENCIES
  bson_ext
  byebug
  graphql
  graphql-batch
  mongoid
  rack-contrib
  sinatra
  sinatra-contrib

BUNDLED WITH
   2.0.2
